GEM
  remote: http://rubygems.org/
  specs:
    albacore (0.1.5)
      net-sftp (>= 2.0.2)
      net-ssh (>= 2.0.15)
      rake (>= 0.8.7)
      rubyzip (>= 0.9.1)
    castle.core (1.2.0.0)
      log4net (= 1.2.10.0)
      nlog (= 1.0.0.505)
    castle.dynamicproxy2 (2.2.0.0)
      castle.core (= 1.2.0.0)
    gemcutter (0.6.1)
    git (1.2.5)
    jeweler (1.4.0)
      gemcutter (>= 0.1.0)
      git (>= 1.2.5)
      rubyforge (>= 2.0.0)
    json_pure (1.4.6)
    log4net (1.2.10.0)
    net-sftp (2.0.5)
      net-ssh (>= 2.0.9)
    net-ssh (2.0.23)
    nlog (1.0.0.505)
    nlog (1.0.0.505-x86-mswin32)
    noodle (0.2.1)
      bundler (>= 1.0.0.rc.3)
      rake
    nunit (2.5.7.10213.20100801)
    rake (0.8.7)
    rubyforge (2.0.4)
      json_pure (>= 1.1.7)
    rubyzip (0.9.4)
    structuremap (2.6.2.0.20100731)

PLATFORMS
  x86-mingw32
  x86-mswin32

DEPENDENCIES
  albacore
  castle.dynamicproxy2
  gemcutter
  jeweler
  log4net
  noodle (>= 0.2.0)
  nunit
  structuremap
